PATH
  remote: .
  specs:
    autotest-fsevent (0.2.15)
      sys-uname

GEM
  remote: http://rubygems.org/
  specs:
    ZenTest (4.12.0)
    diff-lcs (1.3)
    ffi (1.11.1)
    rake (13.0.0)
    rspec (3.9.0)
      rspec-core (~> 3.9.0)
      rspec-expectations (~> 3.9.0)
      rspec-mocks (~> 3.9.0)
    rspec-core (3.9.0)
      rspec-support (~> 3.9.0)
    rspec-expectations (3.9.0)
      diff-lcs (>= 1.2.0, < 2.0)
      rspec-support (~> 3.9.0)
    rspec-mocks (3.9.0)
      diff-lcs (>= 1.2.0, < 2.0)
      rspec-support (~> 3.9.0)
    rspec-support (3.9.0)
    sys-uname (1.1.0)
      ffi (>= 1.0.0)

PLATFORMS
  ruby

DEPENDENCIES
  ZenTest
  autotest-fsevent!
  rake
  rspec

BUNDLED WITH
   1.17.2
