PATH
  remote: .
  specs:
    autotest-fsevent (0.2.12)
      sys-uname

GEM
  remote: http://rubygems.org/
  specs:
    ZenTest (4.11.1)
    diff-lcs (1.3)
    ffi (1.9.18)
    rake (12.1.0)
    rspec (3.6.0)
      rspec-core (~> 3.6.0)
      rspec-expectations (~> 3.6.0)
      rspec-mocks (~> 3.6.0)
    rspec-core (3.6.0)
      rspec-support (~> 3.6.0)
    rspec-expectations (3.6.0)
      diff-lcs (>= 1.2.0, < 2.0)
      rspec-support (~> 3.6.0)
    rspec-mocks (3.6.0)
      diff-lcs (>= 1.2.0, < 2.0)
      rspec-support (~> 3.6.0)
    rspec-support (3.6.0)
    sys-uname (1.0.3)
      ffi (>= 1.0.0)

PLATFORMS
  ruby

DEPENDENCIES
  ZenTest
  autotest-fsevent!
  rake
  rspec

BUNDLED WITH
   1.15.4
